GEM
  remote: https://rubygems.org/
  specs:
    architect-functions (0.5.3)
      aws-sdk-apigateway (~> 1.33, >= 1.33.0)
      aws-sdk-dynamodb (~> 1.33, >= 1.33.0)
      aws-sdk-s3 (~> 1.45, >= 1.45.0)
      aws-sdk-sns (~> 1.18, >= 1.18.0)
      aws-sdk-sqs (~> 1.18, >= 1.18.0)
      aws-sdk-ssm (~> 1.52, >= 1.52.0)
      jwe (~> 0.4, >= 0.4.0)
    aws-eventstream (1.2.0)
    aws-partitions (1.568.0)
    aws-sdk-apigateway (1.75.0)
      aws-sdk-core (~> 3, >= 3.127.0)
      aws-sigv4 (~> 1.1)
    aws-sdk-core (3.130.0)
      aws-eventstream (~> 1, >= 1.0.2)
      aws-partitions (~> 1, >= 1.525.0)
      aws-sigv4 (~> 1.1)
      jmespath (~> 1.0)
    aws-sdk-dynamodb (1.74.0)
      aws-sdk-core (~> 3, >= 3.127.0)
      aws-sigv4 (~> 1.1)
    aws-sdk-kms (1.55.0)
      aws-sdk-core (~> 3, >= 3.127.0)
      aws-sigv4 (~> 1.1)
    aws-sdk-s3 (1.113.0)
      aws-sdk-core (~> 3, >= 3.127.0)
      aws-sdk-kms (~> 1)
      aws-sigv4 (~> 1.4)
    aws-sdk-sns (1.53.0)
      aws-sdk-core (~> 3, >= 3.127.0)
      aws-sigv4 (~> 1.1)
    aws-sdk-sqs (1.51.0)
      aws-sdk-core (~> 3, >= 3.127.0)
      aws-sigv4 (~> 1.1)
    aws-sdk-ssm (1.132.0)
      aws-sdk-core (~> 3, >= 3.127.0)
      aws-sigv4 (~> 1.1)
    aws-sigv4 (1.4.0)
      aws-eventstream (~> 1, >= 1.0.2)
    jmespath (1.6.1)
    jwe (0.4.0)

PLATFORMS
  ruby

DEPENDENCIES
  architect-functions (~> 0.5.3)

BUNDLED WITH
   2.0.2
